GEM
  remote: http://rubygems.org/
  specs:
    albacore (2.1.2)
      map (~> 6.5)
      nokogiri (~> 1.5)
      rake (~> 10)
      semver2 (~> 3.4)
    map (6.5.5)
    mini_portile2 (2.4.0)
    nokogiri (1.10.3)
      mini_portile2 (~> 2.4.0)
    nokogiri (1.10.3-x64-mingw32)
      mini_portile2 (~> 2.4.0)
    nuget (2.8.50126.400)
    nuget_helper (0.0.3)
      nuget (~> 2.8.50126.400)
    rake (10.3.2)
    semver2 (3.4.0)

PLATFORMS
  ruby
  x64-mingw32

DEPENDENCIES
  albacore
  nuget_helper
